PATH
  remote: .
  specs:
    daily_deal (0.1.0)

GEM
  remote: https://rubygems.org/
  specs:
    rake (10.4.2)

PLATFORMS
  ruby

DEPENDENCIES
  bundler (~> 1.17)
  daily_deal!
  rake (~> 10.0)

BUNDLED WITH
   1.17.1
